GEM
  remote: https://rubygems.org/
  specs:
    addressable (2.8.7)
      public_suffix (>= 2.0.2, < 7.0)
    cli-ui (2.1.0)
    down (5.4.2)
      addressable (~> 2.8)
    erubi (1.13.0)
    gepub (1.0.17)
      nokogiri (>= 1.8.2, < 2.0)
      rubyzip (> 1.1.1, < 2.4)
    minitest (5.25.1)
    netrc (0.11.0)
    nokogiri (1.16.7-aarch64-linux)
      racc (~> 1.4)
    nokogiri (1.16.7-arm-linux)
      racc (~> 1.4)
    nokogiri (1.16.7-arm64-darwin)
      racc (~> 1.4)
    nokogiri (1.16.7-x86-linux)
      racc (~> 1.4)
    nokogiri (1.16.7-x86_64-darwin)
      racc (~> 1.4)
    nokogiri (1.16.7-x86_64-linux)
      racc (~> 1.4)
    parallel (1.26.3)
    prism (1.0.0)
    public_suffix (6.0.1)
    racc (1.8.1)
    rake (13.2.1)
    rbi (0.2.0)
      prism (~> 1.0)
      sorbet-runtime (>= 0.5.9204)
    rubyzip (2.3.2)
    sorbet (0.5.11553)
      sorbet-static (= 0.5.11553)
    sorbet-runtime (0.5.11553)
    sorbet-static (0.5.11553-aarch64-linux)
    sorbet-static (0.5.11553-universal-darwin)
    sorbet-static (0.5.11553-x86_64-linux)
    sorbet-static-and-runtime (0.5.11553)
      sorbet (= 0.5.11553)
      sorbet-runtime (= 0.5.11553)
    spoom (1.4.2)
      erubi (>= 1.10.0)
      prism (>= 0.28.0)
      sorbet-static-and-runtime (>= 0.5.10187)
      thor (>= 0.19.2)
    tapioca (0.16.2)
      bundler (>= 2.2.25)
      netrc (>= 0.11.0)
      parallel (>= 1.21.0)
      rbi (~> 0.2)
      sorbet-static-and-runtime (>= 0.5.11087)
      spoom (>= 1.2.0)
      thor (>= 1.2.0)
      yard-sorbet
    thor (1.3.2)
    yard (0.9.36)
    yard-sorbet (0.9.0)
      sorbet-runtime
      yard

PLATFORMS
  aarch64-linux
  arm-linux
  arm64-darwin
  x86-linux
  x86_64-darwin
  x86_64-linux

DEPENDENCIES
  cli-ui
  down
  gepub
  minitest
  nokogiri
  rake
  sorbet
  sorbet-runtime
  tapioca

BUNDLED WITH
   2.5.17
